GEM
  remote: https://rubygems.org/
  specs:
    dream_cheeky (0.3.1)
      pkg-config
    pkg-config (1.1.7)

PLATFORMS
  ruby

DEPENDENCIES
  dream_cheeky (~> 0.3.1)

BUNDLED WITH
   1.14.4
